GIT
  remote: git://github.com/davidalger/capistrano-magento2.git
  revision: bcde340d03b17a27a0d1f77410cee5c2b1c4cde2
  branch: develop
  specs:
    capistrano-magento2 (0.6.6)
      capistrano (~> 3.1)

GEM
  remote: https://rubygems.org/
  specs:
    airbrussh (1.3.0)
      sshkit (>= 1.6.1, != 1.7.0)
    capistrano (3.9.0)
      airbrussh (>= 1.0.0)
      i18n
      rake (>= 10.0.0)
      sshkit (>= 1.9.0)
    i18n (0.8.6)
    net-scp (1.2.1)
      net-ssh (>= 2.6.5)
    net-ssh (4.1.0)
    rake (12.0.0)
    sshkit (1.14.0)
      net-scp (>= 1.1.2)
      net-ssh (>= 2.8.0)
    terminal-notifier (1.8.0)

PLATFORMS
  ruby

DEPENDENCIES
  capistrano (~> 3.7)
  capistrano-magento2!
  terminal-notifier

BUNDLED WITH
   1.15.3
