GIT
  remote: git://github.com/davidalger/capistrano-magento2.git
  revision: d6d06275c8c6526410e9e0cb2814a9a08a15b918
  branch: develop
  specs:
    capistrano-magento2 (0.8.0)
      capistrano (~> 3.1)

GEM
  remote: https://rubygems.org/
  specs:
    airbrussh (1.3.0)
      sshkit (>= 1.6.1, != 1.7.0)
    capistrano (3.10.2)
      airbrussh (>= 1.0.0)
      i18n
      rake (>= 10.0.0)
      sshkit (>= 1.9.0)
    concurrent-ruby (1.0.5)
    i18n (1.0.1)
      concurrent-ruby (~> 1.0)
    net-scp (1.2.1)
      net-ssh (>= 2.6.5)
    net-ssh (4.2.0)
    rake (12.3.1)
    sshkit (1.16.0)
      net-scp (>= 1.1.2)
      net-ssh (>= 2.8.0)
    terminal-notifier (2.0.0)

PLATFORMS
  ruby

DEPENDENCIES
  capistrano (~> 3.7)
  capistrano-magento2!
  terminal-notifier

BUNDLED WITH
   1.16.1
