GEM
  remote: https://rubygems.org/
  specs:
    airbrussh (1.1.1)
      sshkit (>= 1.6.1, != 1.7.0)
    capistrano (3.6.1)
      airbrussh (>= 1.0.0)
      capistrano-harrow
      i18n
      rake (>= 10.0.0)
      sshkit (>= 1.9.0)
    capistrano-harrow (0.5.3)
    capistrano-magento2 (0.5.2)
      capistrano (~> 3.1)
      capistrano-pending (~> 0.1)
      terminal-notifier (~> 1.6)
    capistrano-pending (0.1.1)
      capistrano (>= 3.2.0)
    i18n (0.7.0)
    net-scp (1.2.1)
      net-ssh (>= 2.6.5)
    net-ssh (3.2.0)
    rake (11.3.0)
    sshkit (1.11.3)
      net-scp (>= 1.1.2)
      net-ssh (>= 2.8.0)
    terminal-notifier (1.7.1)

PLATFORMS
  ruby

DEPENDENCIES
  capistrano (~> 3.6)
  capistrano-magento2
  terminal-notifier

BUNDLED WITH
   1.13.2
